GEM
  remote: https://rubygems.org/
  specs:
    TimezoneParser (0.3.3)
      insensitive_hash
      tzinfo
    addressable (2.5.2)
      public_suffix (>= 2.0.2, < 4.0)
    faraday (0.15.2)
      multipart-post (>= 1.2, < 3)
    google_calendar (0.6.4)
      TimezoneParser (~> 0.3.0)
      json (>= 1.8.3)
      signet (~> 0.7)
    httparty (0.16.3)
      mime-types (~> 3.0)
      multi_xml (>= 0.5.2)
    insensitive_hash (0.3.3)
    json (2.1.0)
    jwt (2.1.0)
    mime-types (3.2.2)
      mime-types-data (~> 3.2015)
    mime-types-data (3.2018.0812)
    mini_portile2 (2.4.0)
    multi_json (1.13.1)
    multi_xml (0.6.0)
    multipart-post (2.0.0)
    nokogiri (1.10.4)
      mini_portile2 (~> 2.4.0)
    public_suffix (3.0.2)
    signet (0.8.1)
      addressable (~> 2.3)
      faraday (~> 0.9)
      jwt (>= 1.5, < 3.0)
      multi_json (~> 1.10)
    sqlite3 (1.4.1)
    thread_safe (0.3.6)
    tomlrb (1.2.8)
    tzinfo (1.2.5)
      thread_safe (~> 0.1)

PLATFORMS
  ruby

DEPENDENCIES
  google_calendar
  httparty
  nokogiri
  sqlite3
  tomlrb

BUNDLED WITH
   1.16.3
